GEM
  remote: https://rubygems.org/
  specs:
    coderay (1.0.9)
    faraday (0.8.7)
      multipart-post (~> 1.1)
    json (1.8.0)
    method_source (0.8.1)
    multi_json (1.7.7)
    multipart-post (1.2.0)
    pry (0.9.12.2)
      coderay (~> 1.0.5)
      method_source (~> 0.8)
      slop (~> 3.4)
    simple_oauth (0.2.0)
    slop (3.4.5)
    twitter (4.8.1)
      faraday (~> 0.8, < 0.10)
      multi_json (~> 1.0)
      simple_oauth (~> 0.2)

PLATFORMS
  ruby

DEPENDENCIES
  json
  pry
  twitter
